PATH
  remote: .
  specs:
    authorize_that (0.1.0)

GEM
  remote: https://rubygems.org/
  specs:
    minitest (5.11.3)
    rake (10.5.0)

PLATFORMS
  ruby

DEPENDENCIES
  authorize_that!
  bundler (~> 1.17)
  minitest
  rake (~> 10.0)

BUNDLED WITH
   1.17.2
